GEM
  remote: https://rubygems.org/
  specs:
    colorize (0.8.1)
    httparty (0.18.1)
      mime-types (~> 3.0)
      multi_xml (>= 0.5.2)
    io-console (0.5.6)
    json (2.3.1)
    mime-types (3.3.1)
      mime-types-data (~> 3.2015)
    mime-types-data (3.2020.1104)
    multi_xml (0.6.0)

PLATFORMS
  ruby

DEPENDENCIES
  colorize
  httparty
  io-console
  json

BUNDLED WITH
   2.1.4
